##TITLE= Parameter file, TopSpin 3.6.2
##JCAMPDX= 5.0
##DATATYPE= Parameter Values
##NPOINTS= 6	$$ modification sequence number
##ORIGIN= Bruker BioSpin GmbH
##OWNER= Chemist
$$ 2020-12-02 15:27:50.879 +0000  Chemist@glj400
$$ C:\Bruker\TopSpin3.6\data\AH\nmr/Ethyl acetate/2/pdata/1/procs
$$ process C:\Bruker\TopSpin3.6\prog\mod\proc2d.exe
##$ABSF1= 0
##$ABSF2= 0
##$ABSG= 0
##$ABSL= 0
##$ALPHA= 0
##$AQORDER= 0
##$ASSFAC= 0
##$ASSFACI= 0
##$ASSFACX= 0
##$ASSWID= 0
##$AUNMP= <eproc_2dpl>
##$AXLEFT= 0
##$AXNAME= <F2>
##$AXNUC= <1H>
##$AXRIGHT= 0
##$AXTYPE= 0
##$AXUNIT= <>
##$AZFE= 0.1
##$AZFW= 0.5
##$BCFW= 0
##$BC_mod= 0
##$BYTORDP= 0
##$COROFFS= 0
##$CY= 15
##$DATMOD= 1
##$DC= 0
##$DFILT= <>
##$DTYPP= 0
##$ERETIC= no
##$F1P= 8.95126438140869
##$F2P= -0.497666146253872
##$FCOR= 1
##$FTSIZE= 1024
##$FT_mod= 6
##$GAMMA= 0
##$GB= 0
##$INTBC= 1
##$INTSCL= 1
##$ISEN= 128
##$LB= 0
##$LEV0= 60
##$LPBIN= 0
##$MAXI= 10000
##$MC2= 0
##$MEAN= 0
##$ME_mod= 0
##$MI= 0
##$MddCEXP= no
##$MddCT_SP= no
##$MddF180= no
##$MddLAMBDA= 0
##$MddMEMORY= 0
##$MddMERGE= 0
##$MddNCOMP= 0
##$MddNITER= 0
##$MddNOISE= 0
##$MddPHASE= 0
##$MddSEED= 0
##$MddSRSIZE= 0
##$Mdd_CsALG= 0
##$Mdd_CsLAMBDA= 0
##$Mdd_CsNITER= 0
##$Mdd_CsNORM= 0
##$Mdd_CsVE= yes
##$Mdd_CsZF= 0
##$Mdd_LrLAMBDA= 0
##$Mdd_LrNITER= 0
##$Mdd_LrRANK= 0
##$Mdd_LrZF= 0
##$Mdd_mod= 0
##$NCOEF= 0
##$NC_proc= -3
##$NLEV= 20
##$NOISF1= 0
##$NOISF2= 0
##$NSP= 0
##$NTH_PI= 0
##$NZP= 0
##$OFFSET= 8.949965
##$PC= 1.4
##$PHC0= 0
##$PHC1= 0
##$PH_mod= 0
##$PKNL= yes
##$PPARMOD= 1
##$PPDIAG= 0
##$PPIPTYP= 0
##$PPMPNUM= 2147483647
##$PPRESOL= 1
##$PSCAL= 0
##$PSIGN= 0
##$PYNMP= <proc.py>
##$RDF1= 0
##$RDF2= 0
##$RDFWHM= 0
##$RDINT= 0
##$RDPOS= 0
##$REVERSE= no
##$SF= 400.2
##$SI= 1024
##$SIGF1= 0
##$SIGF2= 0
##$SINO= 16
##$SIOLD= 1024
##$SPECTYP= <>
##$SREF_mod= 1
##$SREGLST= <1H.MeOD>
##$SSB= 0
##$STSI= 1024
##$STSR= 0
##$SW_p= 4000
##$SYMM= 0
##$S_DEV= 10097
##$TDeff= 2048
##$TDoff= 0
##$TI= <>
##$TILT= no
##$TM1= 0
##$TM2= 0
##$TOPLEV= 100
##$USERP1= <user>
##$USERP2= <user>
##$USERP3= <user>
##$USERP4= <user>
##$USERP5= <user>
##$WDW= 3
##$XDIM= 1024
##$YMAX_p= 340405489
##$YMIN_p= 0
##END=
